GEM
  remote: http://rubygems.org/
  specs:
    activemodel (6.0.6.1)
      activesupport (= 6.0.6.1)
    activesupport (6.0.6.1)
      concurrent-ruby (~> 1.0, >= 1.0.2)
      i18n (>= 0.7, < 2)
      minitest (~> 5.1)
      tzinfo (~> 1.1)
      zeitwerk (~> 2.2, >= 2.2.2)
    addressable (2.8.7)
      public_suffix (>= 2.0.2, < 7.0)
    ast (2.4.2)
    async (1.26.2)
      console (~> 1.0)
      nio4r (~> 2.3)
      timers (~> 4.1)
    async-io (1.43.2)
      async
    async-websocket (0.8.0)
      async-io
      websocket-driver (~> 0.7.0)
    base64 (0.2.0)
    bigdecimal (3.1.8)
    bson (5.0.1)
    builder (3.3.0)
    capybara (3.39.2)
      addressable
      matrix
      mini_mime (>= 0.1.3)
      nokogiri (~> 1.8)
      rack (>= 1.6.0)
      rack-test (>= 0.6.3)
      regexp_parser (>= 1.5, < 3.0)
      xpath (~> 3.2)
    concurrent-ruby (1.3.4)
    console (1.8.2)
    crack (1.0.0)
      bigdecimal
      rexml
    csv (3.3.0)
    dante (0.2.0)
    database_cleaner (1.8.5)
    declarative (0.0.20)
    declarative-option (0.1.0)
    diff-lcs (1.4.4)
    domain_name (0.5.20190701)
      unf (>= 0.0.5, < 1.0.0)
    dry-core (1.0.0)
      concurrent-ruby (~> 1.0)
      zeitwerk (~> 2.6)
    dry-inflector (1.1.0)
    dry-logic (1.5.0)
      concurrent-ruby (~> 1.0)
      dry-core (~> 1.0, < 2)
      zeitwerk (~> 2.6)
    dry-types (1.7.1)
      concurrent-ruby (~> 1.0)
      dry-core (~> 1.0)
      dry-inflector (~> 1.0)
      dry-logic (~> 1.4)
      zeitwerk (~> 2.6)
    fabrication (2.21.1)
    faker (3.4.2)
      i18n (>= 1.8.11, < 2)
    faraday (2.12.0)
      faraday-net_http (>= 2.0, < 3.4)
      json
      logger
    faraday-follow_redirects (0.3.0)
      faraday (>= 1, < 3)
    faraday-mashify (0.1.1)
      faraday (~> 2.0)
      hashie
    faraday-multipart (1.0.4)
      multipart-post (~> 2)
    faraday-net_http (3.3.0)
      net-http
    faraday-rack (2.0.0)
      faraday (~> 2.0)
    faraday_hal_middleware (0.2.0)
      faraday (~> 2.0)
    foreman (0.87.2)
    gli (2.21.5)
    grape (1.8.0)
      activesupport (>= 5)
      builder
      dry-types (>= 1.1)
      mustermann-grape (~> 1.0.0)
      rack (>= 1.3.0)
      rack-accept
    grape-roar (0.4.1)
      grape
      multi_json
      roar (~> 1.1.0)
    grape-swagger (1.2.0)
      grape (~> 1.3)
    hashdiff (1.1.1)
    hashie (5.0.0)
    http-accept (1.7.0)
    http-cookie (1.0.3)
      domain_name (~> 0.5)
    httparty (0.21.0)
      mini_mime (>= 1.0.0)
      multi_xml (>= 0.5.2)
    hyperclient (2.0.0)
      addressable
      faraday (>= 2)
      faraday-follow_redirects
      faraday_hal_middleware (>= 0.2)
    i18n (1.14.6)
      concurrent-ruby (~> 1.0)
    io-console (0.5.6)
    irb (1.2.4)
      reline (>= 0.0.1)
    json (2.7.2)
    kaminari-core (1.2.1)
    kaminari-grape (1.0.1)
      grape
      kaminari-core (~> 1.0)
    language_server-protocol (3.17.0.3)
    logger (1.6.1)
    mailchimp_api_v3 (0.2.18)
      rest-client (~> 2)
    matrix (0.4.2)
    mime-types (3.4.1)
      mime-types-data (~> 3.2015)
    mime-types-data (3.2022.0105)
    mini_mime (1.1.5)
    mini_portile2 (2.8.7)
    minitest (5.25.1)
    mongo (2.21.0)
      bson (>= 4.14.1, < 6.0.0)
    mongoid (7.1.2)
      activemodel (>= 5.1, < 6.1)
      mongo (>= 2.7.0, < 3.0.0)
    mongoid-compatibility (0.5.1)
      activesupport
      mongoid (>= 2.0)
    mongoid-locker (2.1.0)
      mongoid (>= 5.0, < 10)
    mongoid-scroll (0.3.6)
      i18n
      mongoid (>= 3.0)
      mongoid-compatibility
    mongoid-shell (0.4.6)
      i18n
      mongoid (>= 3.0.0)
      mongoid-compatibility
    multi_json (1.15.0)
    multi_xml (0.6.0)
    multipart-post (2.4.1)
    mustermann (3.0.0)
      ruby2_keywords (~> 0.0.1)
    mustermann-grape (1.0.2)
      mustermann (>= 1.0.0)
    net-http (0.4.1)
      uri
    netrc (0.11.0)
    newrelic-slack-ruby-bot (0.2.2)
      newrelic_rpm
      slack-ruby-bot (>= 0.10.5)
    newrelic_rpm (9.13.0)
    nio4r (2.7.3)
    nokogiri (1.16.7)
      mini_portile2 (~> 2.8.2)
      racc (~> 1.4)
    open-weather-ruby-client (0.5.0)
      activesupport
      faraday (>= 2.0.1)
      faraday-multipart
      hashie
    parallel (1.25.1)
    parser (3.3.4.0)
      ast (~> 2.4.1)
      racc
    polylines (0.3.0)
    public_suffix (6.0.1)
    puma (6.4.3)
      nio4r (~> 2.0)
    racc (1.8.0)
    rack (3.0.11)
    rack-accept (0.4.5)
      rack (>= 0.4)
    rack-cors (1.1.1)
      rack (>= 2.0.0)
    rack-rewrite (1.5.1)
    rack-robotz (0.0.4)
      rack
    rack-server-pages (0.1.0)
      rack
    rack-test (2.1.0)
      rack (>= 1.3)
    rackup (2.1.0)
      rack (>= 3)
      webrick (~> 1.8)
    rainbow (3.1.1)
    rake (12.3.3)
    regexp_parser (2.9.2)
    reline (0.1.4)
      io-console (~> 0.5)
    representable (3.0.4)
      declarative (< 0.1.0)
      declarative-option (< 0.2.0)
      uber (< 0.2.0)
    rest-client (2.1.0)
      http-accept (>= 1.7.0, < 2.0)
      http-cookie (>= 1.0.2, < 2.0)
      mime-types (>= 1.16, < 4.0)
      netrc (~> 0.8)
    rexml (3.3.9)
    roar (1.1.0)
      representable (~> 3.0.0)
    rspec (3.9.0)
      rspec-core (~> 3.9.0)
      rspec-expectations (~> 3.9.0)
      rspec-mocks (~> 3.9.0)
    rspec-core (3.9.2)
      rspec-support (~> 3.9.3)
    rspec-expectations (3.9.2)
      diff-lcs (>= 1.2.0, < 2.0)
      rspec-support (~> 3.9.0)
    rspec-mocks (3.9.1)
      diff-lcs (>= 1.2.0, < 2.0)
      rspec-support (~> 3.9.0)
    rspec-support (3.9.3)
    rubocop (1.65.0)
      json (~> 2.3)
      language_server-protocol (>= 3.17.0)
      parallel (~> 1.10)
      parser (>= 3.3.0.2)
      rainbow (>= 2.2.2, < 4.0)
      regexp_parser (>= 2.4, < 3.0)
      rexml (>= 3.2.5, < 4.0)
      rubocop-ast (>= 1.31.1, < 2.0)
      ruby-progressbar (~> 1.7)
      unicode-display_width (>= 2.4.0, < 3.0)
    rubocop-ast (1.31.3)
      parser (>= 3.3.1.0)
    rubocop-capybara (2.21.0)
      rubocop (~> 1.41)
    rubocop-rake (0.6.0)
      rubocop (~> 1.0)
    rubocop-rspec (3.0.3)
      rubocop (~> 1.61)
    ruby-enum (0.8.0)
      i18n
    ruby-progressbar (1.13.0)
    ruby2_keywords (0.0.5)
    rubyzip (2.3.2)
    selenium-webdriver (4.9.0)
      rexml (~> 3.2, >= 3.2.5)
      rubyzip (>= 1.2.2, < 3.0)
      websocket (~> 1.0)
    slack-ruby-bot (0.15.0)
      hashie
      slack-ruby-client (>= 0.14.0)
    slack-ruby-bot-server (0.12.3)
      async-websocket (~> 0.8.0)
      foreman
      grape
      grape-roar (>= 0.4.0)
      grape-swagger
      kaminari-grape
      rack-cors
      rack-rewrite
      rack-server-pages
      slack-ruby-bot (>= 0.12.0)
    slack-ruby-bot-server-mailchimp (0.2.0)
      mailchimp_api_v3
      slack-ruby-bot-server (>= 0.10.0)
    slack-ruby-client (2.4.0)
      faraday (>= 2.0)
      faraday-mashify
      faraday-multipart
      gli
      hashie
    strava-ruby-client (2.2.0)
      activesupport
      faraday (>= 2.0)
      faraday-multipart (>= 1.0)
      hashie
    stripe (1.58.0)
      rest-client (>= 1.4, < 4.0)
    stripe-ruby-mock (2.4.1)
      dante (>= 0.2.0)
      multi_json (~> 1.0)
      stripe (>= 1.31.0, <= 1.58.0)
    thread_safe (0.3.6)
    timecop (0.9.1)
    timers (4.3.0)
    tzinfo (1.2.11)
      thread_safe (~> 0.1)
    uber (0.1.0)
    unf (0.1.4)
      unf_ext
    unf_ext (0.0.7.7)
    unicode-display_width (2.5.0)
    uri (0.13.1)
    vcr (6.3.1)
      base64
    wannabe_bool (0.7.1)
    webmock (3.23.1)
      addressable (>= 2.8.0)
      crack (>= 0.3.2)
      hashdiff (>= 0.4.0, < 2.0.0)
    webrick (1.8.2)
    websocket (1.2.11)
    websocket-driver (0.7.6)
      websocket-extensions (>= 0.1.0)
    websocket-extensions (0.1.5)
    xpath (3.2.0)
      nokogiri (~> 1.8)
    zeitwerk (2.6.18)

PLATFORMS
  ruby

DEPENDENCIES
  base64
  bigdecimal
  capybara
  csv
  database_cleaner
  fabrication
  faker
  faraday-rack
  foreman
  grape
  hashie
  httparty
  hyperclient
  irb
  mongoid
  mongoid-locker
  mongoid-scroll
  mongoid-shell
  newrelic-slack-ruby-bot
  newrelic_rpm
  nokogiri
  open-weather-ruby-client
  polylines
  puma
  rack (~> 3.0.0)
  rack-robotz
  rack-server-pages
  rack-test
  rackup
  rake (~> 12.3)
  rspec
  rubocop
  rubocop-capybara
  rubocop-rake
  rubocop-rspec
  ruby-enum
  selenium-webdriver
  slack-ruby-bot-server (~> 0.12)
  slack-ruby-bot-server-mailchimp
  slack-ruby-client (~> 2.4.0)
  strava-ruby-client
  stripe (~> 1.58.0)
  stripe-ruby-mock (~> 2.4.1)
  timecop
  vcr
  wannabe_bool
  webmock

RUBY VERSION
   ruby 3.3.5p100

BUNDLED WITH
   2.4.2
